PATH
  remote: .
  specs:
    rb1drv-tools (0.1.5)
      rb1drv (>= 0.1.7)
      tty-progressbar (~> 0)
      tty-prompt (~> 0)
      tty-screen (~> 0)

GEM
  remote: https://rubygems.org/
  specs:
    equatable (0.5.0)
    excon (0.62.0)
    faraday (0.12.2)
      multipart-post (>= 1.2, < 3)
    hitimes (1.2.6)
    jwt (1.5.6)
    multi_json (1.13.1)
    multi_xml (0.6.0)
    multipart-post (2.0.0)
    necromancer (0.4.0)
    oauth2 (1.4.0)
      faraday (>= 0.8, < 0.13)
      jwt (~> 1.0)
      multi_json (~> 1.3)
      multi_xml (~> 0.5)
      rack (>= 1.2, < 3)
    pastel (0.7.2)
      equatable (~> 0.5.0)
      tty-color (~> 0.4.0)
    rack (2.0.5)
    rake (10.5.0)
    rb1drv (0.1.7)
      excon (~> 0.62)
      oauth2 (~> 1.4)
    timers (4.1.2)
      hitimes
    tty-color (0.4.2)
    tty-cursor (0.5.0)
    tty-progressbar (0.14.0)
      tty-cursor (~> 0.5.0)
      tty-screen (~> 0.6.4)
    tty-prompt (0.16.1)
      necromancer (~> 0.4.0)
      pastel (~> 0.7.0)
      timers (~> 4.0)
      tty-cursor (~> 0.5.0)
      tty-reader (~> 0.3.0)
    tty-reader (0.3.0)
      tty-cursor (~> 0.5.0)
      tty-screen (~> 0.6.4)
      wisper (~> 2.0.0)
    tty-screen (0.6.4)
    wisper (2.0.0)

PLATFORMS
  ruby

DEPENDENCIES
  bundler (~> 1.16)
  rake (~> 10.0)
  rb1drv-tools!

BUNDLED WITH
   1.16.1
